GEM
  remote: https://rubygems.org/
  specs:
    aws-sdk (1.42.0)
      json (~> 1.4)
      nokogiri (>= 1.4.4)
    coderay (1.1.0)
    escape (0.0.4)
    faraday (0.9.0)
      multipart-post (>= 1.2, < 3)
    haml (4.0.3)
      tilt
    hashie (2.1.0)
    json (1.8.1)
    kgio (2.8.0)
    method_source (0.8.2)
    mini_portile (0.6.0)
    multipart-post (2.0.0)
    nokogiri (1.6.2.1)
      mini_portile (= 0.6.0)
    pry (0.9.12.6)
      coderay (~> 1.0)
      method_source (~> 0.8)
      slop (~> 3.4)
    rack (1.5.2)
    rack-protection (1.5.0)
      rack
    raindrops (0.11.0)
    sentry-raven (0.7.1)
      faraday (>= 0.7.6)
      hashie (>= 1.1.0)
      uuidtools
    shotgun (0.9)
      rack (>= 1.0)
    sinatra (1.4.3)
      rack (~> 1.4)
      rack-protection (~> 1.4)
      tilt (~> 1.3, >= 1.3.4)
    slop (3.5.0)
    tilt (1.4.1)
    unicorn (4.6.3)
      kgio (~> 2.6)
      rack
      raindrops (~> 0.7)
    uuidtools (2.1.4)

PLATFORMS
  ruby

DEPENDENCIES
  aws-sdk (~> 1.42)
  escape (~> 0.0.4)
  haml (~> 4.0.3)
  pry (~> 0.9.12)
  sentry-raven (~> 0.7)
  shotgun (~> 0.9)
  sinatra (~> 1.4.3)
  unicorn (~> 4.6.3)
