GEM
  remote: https://rubygems.org/
  specs:
    archive-zip (0.6.0)
      io-like (>= 0.3.0)
    faraday (0.9.0)
      multipart-post (>= 1.2, < 3)
    haml (4.0.3)
      tilt
    hashie (2.1.0)
    io-like (0.3.0)
    kgio (2.8.0)
    multipart-post (2.0.0)
    rack (1.5.2)
    rack-protection (1.5.0)
      rack
    raindrops (0.11.0)
    sentry-raven (0.7.1)
      faraday (>= 0.7.6)
      hashie (>= 1.1.0)
      uuidtools
    sinatra (1.4.3)
      rack (~> 1.4)
      rack-protection (~> 1.4)
      tilt (~> 1.3, >= 1.3.4)
    tilt (1.4.1)
    unicorn (4.6.3)
      kgio (~> 2.6)
      rack
      raindrops (~> 0.7)
    uuidtools (2.1.4)

PLATFORMS
  ruby

DEPENDENCIES
  archive-zip (~> 0.6.0)
  haml (~> 4.0.3)
  sentry-raven (~> 0.7)
  sinatra (~> 1.4.3)
  unicorn (~> 4.6.3)
